PATH
  remote: .
  specs:
    mazes (0.1.0)
      chunky_png

GEM
  remote: https://rubygems.org/
  specs:
    chunky_png (1.3.10)
    rake (10.5.0)

PLATFORMS
  ruby

DEPENDENCIES
  bundler (~> 1.16)
  mazes!
  rake (~> 10.0)

BUNDLED WITH
   1.16.1
